GEM
  remote: https://rubygems.org/
  specs:
    activesupport-core-ext (4.0.0.3)
    aws-sdk (2.5.8)
      aws-sdk-resources (= 2.5.8)
    aws-sdk-core (2.5.8)
      jmespath (~> 1.0)
    aws-sdk-resources (2.5.8)
      aws-sdk-core (= 2.5.8)
    byebug (9.0.5)
    diff-lcs (1.2.5)
    dotenv (2.1.1)
    gmail (0.6.0)
      gmail_xoauth (>= 0.3.0)
      mail (>= 2.2.1)
    gmail_xoauth (0.4.2)
      oauth (>= 0.3.6)
    httparty (0.14.0)
      multi_xml (>= 0.5.2)
    jmespath (1.3.1)
    mail (2.6.4)
      mime-types (>= 1.16, < 4)
    mime-types (3.1)
      mime-types-data (~> 3.2015)
    mime-types-data (3.2016.0521)
    multi_xml (0.5.5)
    oauth (0.5.1)
    rspec (3.5.0)
      rspec-core (~> 3.5.0)
      rspec-expectations (~> 3.5.0)
      rspec-mocks (~> 3.5.0)
    rspec-core (3.5.3)
      rspec-support (~> 3.5.0)
    rspec-expectations (3.5.0)
      diff-lcs (>= 1.2.0, < 2.0)
      rspec-support (~> 3.5.0)
    rspec-mocks (3.5.0)
      diff-lcs (>= 1.2.0, < 2.0)
      rspec-support (~> 3.5.0)
    rspec-support (3.5.0)
    rubyzip (1.2.0)
    zip-zip (0.3)
      rubyzip (>= 1.0.0)

PLATFORMS
  ruby

DEPENDENCIES
  activesupport-core-ext
  aws-sdk (~> 2)
  bundler
  byebug
  dotenv
  gmail
  httparty
  rspec
  rubyzip
  zip-zip

RUBY VERSION
   ruby 2.3.1p112

BUNDLED WITH
   1.12.5
